PATH
  remote: .
  specs:
    roaring_bitmap (0.0.0)

GEM
  remote: https://rubygems.org/
  specs:
    benchmark-ips (2.8.2)
    byebug (11.1.2)
    diff-lcs (1.3)
    rake (12.3.3)
    rake-compiler (1.1.0)
      rake
    rspec (3.9.0)
      rspec-core (~> 3.9.0)
      rspec-expectations (~> 3.9.0)
      rspec-mocks (~> 3.9.0)
    rspec-core (3.9.2)
      rspec-support (~> 3.9.3)
    rspec-expectations (3.9.2)
      diff-lcs (>= 1.2.0, < 2.0)
      rspec-support (~> 3.9.0)
    rspec-mocks (3.9.1)
      diff-lcs (>= 1.2.0, < 2.0)
      rspec-support (~> 3.9.0)
    rspec-support (3.9.3)

PLATFORMS
  ruby

DEPENDENCIES
  benchmark-ips
  byebug
  rake (~> 12.3)
  rake-compiler (~> 1.1)
  roaring_bitmap!
  rspec (~> 3.9)

BUNDLED WITH
   1.17.3
